PATH
  remote: .
  specs:
    agama-yast (18.pre)
      cfa (~> 1.0.2)
      cfa_grub2 (~> 2.0.0)
      cheetah (~> 1.0.0)
      csv (~> 3.2)
      eventmachine (~> 1.2.7)
      fast_gettext (~> 2.3.0)
      logger (~> 1.5)
      nokogiri (~> 1.15)
      prime (~> 0.1)
      rexml (~> 3.2)
      ruby-dbus (>= 0.23.1, < 1.0)

GEM
  remote: https://rubygems.org/
  specs:
    abstract_method (1.2.1)
    ast (2.4.3)
    base64 (0.2.0)
    byebug (11.1.3)
    cfa (1.0.2)
      ruby-augeas
    cfa_grub2 (2.0.0)
      cfa (~> 1.0)
    cheetah (1.0.0)
      abstract_method (~> 1.2)
    csv (3.3.2)
    diff-lcs (1.5.1)
    docile (1.4.1)
    eventmachine (1.2.7)
    fast_gettext (2.3.0)
    forwardable (1.3.3)
    logger (1.6.5)
    mini_portile2 (2.8.8)
    nokogiri (1.16.7)
      mini_portile2 (~> 2.8.2)
      racc (~> 1.4)
    packaging_rake_tasks (1.5.4)
      rake
    parallel (1.27.0)
    parser (3.3.8.0)
      ast (~> 2.4.1)
      racc
    prime (0.1.3)
      forwardable
      singleton
    prism (1.4.0)
    racc (1.8.1)
    rainbow (3.1.1)
    rake (13.0.6)
    regexp_parser (2.10.0)
    rexml (3.2.9)
      strscan
    rspec (3.11.0)
      rspec-core (~> 3.11.0)
      rspec-expectations (~> 3.11.0)
      rspec-mocks (~> 3.11.0)
    rspec-core (3.11.0)
      rspec-support (~> 3.11.0)
    rspec-expectations (3.11.1)
      diff-lcs (>= 1.2.0, < 2.0)
      rspec-support (~> 3.11.0)
    rspec-mocks (3.11.2)
      diff-lcs (>= 1.2.0, < 2.0)
      rspec-support (~> 3.11.0)
    rspec-support (3.11.1)
    rubocop (1.24.1)
      parallel (~> 1.10)
      parser (>= 3.0.0.0)
      rainbow (>= 2.2.2, < 4.0)
      regexp_parser (>= 1.8, < 3.0)
      rexml
      rubocop-ast (>= 1.15.1, < 2.0)
      ruby-progressbar (~> 1.7)
      unicode-display_width (>= 1.4.0, < 3.0)
    rubocop-ast (1.44.1)
      parser (>= 3.3.7.2)
      prism (~> 1.4)
    ruby-augeas (0.6.0)
    ruby-dbus (0.23.1)
      rexml
    ruby-progressbar (1.13.0)
    simplecov (0.21.2)
      docile (~> 1.1)
      simplecov-html (~> 0.11)
      simplecov_json_formatter (~> 0.1)
    simplecov-html (0.12.3)
    simplecov-lcov (0.8.0)
    simplecov_json_formatter (0.1.4)
    singleton (0.3.0)
    strscan (3.1.0)
    unicode-display_width (2.6.0)
    webrick (1.9.1)
    yard (0.9.36)

PLATFORMS
  x86_64-linux
  x86_64-linux-gnu

DEPENDENCIES
  agama-yast!
  base64
  byebug
  packaging_rake_tasks (~> 1.5.1)
  rake (~> 13.0.6)
  rspec (~> 3.11.0)
  rubocop (= 1.24.1)
  simplecov (~> 0.21.2)
  simplecov-lcov (~> 0.8.0)
  webrick
  yard (~> 0.9.0)

BUNDLED WITH
   2.5.11
