PATH
  remote: .
  specs:
    agama-yast (9.devel505)
      cfa (~> 1.0.2)
      cfa_grub2 (~> 2.0.0)
      cheetah (~> 1.0.0)
      eventmachine (~> 1.2.7)
      fast_gettext (~> 2.3.0)
      nokogiri (~> 1.15)
      rexml (~> 3.2.5)
      ruby-dbus (>= 0.23.1, < 1.0)

GEM
  remote: https://rubygems.org/
  specs:
    abstract_method (1.2.1)
    byebug (11.1.3)
    cfa (1.0.2)
      ruby-augeas
    cfa_grub2 (2.0.0)
      cfa (~> 1.0)
    cheetah (1.0.0)
      abstract_method (~> 1.2)
    diff-lcs (1.5.1)
    docile (1.4.1)
    eventmachine (1.2.7)
    fast_gettext (2.3.0)
    nokogiri (1.16.7-x86_64-linux)
      racc (~> 1.4)
    packaging_rake_tasks (1.5.4)
      rake
    racc (1.8.1)
    rake (13.0.6)
    rexml (3.2.9)
      strscan
    rspec (3.11.0)
      rspec-core (~> 3.11.0)
      rspec-expectations (~> 3.11.0)
      rspec-mocks (~> 3.11.0)
    rspec-core (3.11.0)
      rspec-support (~> 3.11.0)
    rspec-expectations (3.11.1)
      diff-lcs (>= 1.2.0, < 2.0)
      rspec-support (~> 3.11.0)
    rspec-mocks (3.11.2)
      diff-lcs (>= 1.2.0, < 2.0)
      rspec-support (~> 3.11.0)
    rspec-support (3.11.1)
    ruby-augeas (0.5.0)
    ruby-dbus (0.23.1)
      rexml
    simplecov (0.21.2)
      docile (~> 1.1)
      simplecov-html (~> 0.11)
      simplecov_json_formatter (~> 0.1)
    simplecov-html (0.12.3)
    simplecov-lcov (0.8.0)
    simplecov_json_formatter (0.1.4)
    strscan (3.1.0)
    yard (0.9.36)

PLATFORMS
  x86_64-linux
  x86_64-linux-gnu

DEPENDENCIES
  agama-yast!
  byebug
  packaging_rake_tasks (~> 1.5.1)
  rake (~> 13.0.6)
  rspec (~> 3.11.0)
  simplecov (~> 0.21.2)
  simplecov-lcov (~> 0.8.0)
  yard (~> 0.9.0)

BUNDLED WITH
   2.5.11
